GEM
  remote: http://rubygems.org/
  specs:
    dotenv (1.0.2)
    foreman (0.76.0)
      dotenv (~> 1.0.2)
      thor (~> 0.19.1)
    json (1.8.1)
    newrelic_plugin (1.3.1)
      json
    sys-proctable (0.9.4)
    thor (0.19.1)

PLATFORMS
  ruby

DEPENDENCIES
  foreman
  newrelic_plugin
  sys-proctable
