GEM
  remote: http://rubygems.org/
  specs:
    foreman (0.84.0)
      thor (~> 0.19.1)
    json (2.1.0)
    newrelic_plugin (1.3.1)
      json
    sys-proctable (1.1.5-universal-aix5)
    thor (0.19.4)

PLATFORMS
  ruby

DEPENDENCIES
  foreman
  newrelic_plugin
  sys-proctable

BUNDLED WITH
   1.15.4
